GEM
  remote: https://rubygems.org/
  specs:
    coderay (1.1.1)
    gosu (0.10.8)
    method_source (0.8.2)
    pry (0.10.4)
      coderay (~> 1.1.0)
      method_source (~> 0.8.1)
      slop (~> 3.4)
    rmagick (2.16.0)
    slop (3.6.0)

PLATFORMS
  ruby

DEPENDENCIES
  gosu
  pry
  rmagick

BUNDLED WITH
   1.12.5
